GEM
  remote: https://rubygems.org/
  specs:
    coffee-script (2.3.0)
      coffee-script-source
      execjs
    coffee-script-source (1.8.0)
    execjs (2.2.2)
    rake (10.3.2)
    yui-compressor (0.12.0)
    yuicompressor (1.3.3)

PLATFORMS
  ruby

DEPENDENCIES
  coffee-script
  rake
  yui-compressor
  yuicompressor
